GEM
  remote: https://rubygems.org/
  specs:
    actioncable (5.1.7)
      actionpack (= 5.1.7)
      nio4r (~> 2.0)
      websocket-driver (~> 0.6.1)
    actionmailer (5.1.7)
      actionpack (= 5.1.7)
      actionview (= 5.1.7)
      activejob (= 5.1.7)
      mail (~> 2.5, >= 2.5.4)
      rails-dom-testing (~> 2.0)
    actionpack (5.1.7)
      actionview (= 5.1.7)
      activesupport (= 5.1.7)
      rack (~> 2.0)
      rack-test (>= 0.6.3)
      rails-dom-testing (~> 2.0)
      rails-html-sanitizer (~> 1.0, >= 1.0.2)
    actionview (5.1.7)
      activesupport (= 5.1.7)
      builder (~> 3.1)
      erubi (~> 1.4)
      rails-dom-testing (~> 2.0)
      rails-html-sanitizer (~> 1.0, >= 1.0.3)
    activejob (5.1.7)
      activesupport (= 5.1.7)
      globalid (>= 0.3.6)
    activemodel (5.1.7)
      activesupport (= 5.1.7)
    activerecord (5.1.7)
      activemodel (= 5.1.7)
      activesupport (= 5.1.7)
      arel (~> 8.0)
    activesupport (5.1.7)
      concurrent-ruby (~> 1.0, >= 1.0.2)
      i18n (>= 0.7, < 2)
      minitest (~> 5.1)
      tzinfo (~> 1.1)
    arel (8.0.0)
    bcrypt (3.1.12)
    builder (3.2.4)
    byebug (10.0.2)
    concurrent-ruby (1.2.2)
    crass (1.0.6)
    digest (3.1.1)
    dotenv (2.8.1)
    dotenv-rails (2.8.1)
      dotenv (= 2.8.1)
      railties (>= 3.2)
    erubi (1.12.0)
    ffi (1.9.25)
    globalid (1.1.0)
      activesupport (>= 5.0)
    i18n (1.12.0)
      concurrent-ruby (~> 1.0)
    io-wait (0.3.0)
    jwt (2.1.0)
    listen (3.1.5)
      rb-fsevent (~> 0.9, >= 0.9.4)
      rb-inotify (~> 0.9, >= 0.9.7)
      ruby_dep (~> 1.2)
    loofah (2.2.3)
      crass (~> 1.0.2)
      nokogiri (>= 1.5.9)
    mail (2.8.1)
      mini_mime (>= 0.1.1)
      net-imap
      net-pop
      net-smtp
    method_source (1.0.0)
    mini_mime (1.1.2)
    mini_portile2 (2.3.0)
    minitest (5.15.0)
    net-imap (0.2.2)
      digest
      net-protocol
      strscan
    net-pop (0.1.2)
      net-protocol
    net-protocol (0.1.2)
      io-wait
      timeout
    net-smtp (0.3.0)
      digest
      net-protocol
      timeout
    nio4r (2.5.8)
    nokogiri (1.8.5)
      mini_portile2 (~> 2.3.0)
    pg (1.1.3)
    puma (3.12.0)
    pundit (2.0.0)
      activesupport (>= 3.0.0)
    rack (2.2.6.3)
    rack-test (2.0.2)
      rack (>= 1.3)
    rails (5.1.7)
      actioncable (= 5.1.7)
      actionmailer (= 5.1.7)
      actionpack (= 5.1.7)
      actionview (= 5.1.7)
      activejob (= 5.1.7)
      activemodel (= 5.1.7)
      activerecord (= 5.1.7)
      activesupport (= 5.1.7)
      bundler (>= 1.3.0)
      railties (= 5.1.7)
      sprockets-rails (>= 2.0.0)
    rails-dom-testing (2.0.3)
      activesupport (>= 4.2.0)
      nokogiri (>= 1.6)
    rails-html-sanitizer (1.0.4)
      loofah (~> 2.2, >= 2.2.2)
    railties (5.1.7)
      actionpack (= 5.1.7)
      activesupport (= 5.1.7)
      method_source
      rake (>= 0.8.7)
      thor (>= 0.18.1, < 2.0)
    rake (13.0.6)
    rb-fsevent (0.10.3)
    rb-inotify (0.9.10)
      ffi (>= 0.5.0, < 2)
    ruby_dep (1.5.0)
    simple_command (0.0.9)
    spring (2.0.2)
      activesupport (>= 4.2)
    spring-watcher-listen (2.0.1)
      listen (>= 2.7, < 4.0)
      spring (>= 1.2, < 3.0)
    sprockets (4.2.0)
      concurrent-ruby (~> 1.0)
      rack (>= 2.2.4, < 4)
    sprockets-rails (3.2.2)
      actionpack (>= 4.0)
      activesupport (>= 4.0)
      sprockets (>= 3.0.0)
    strscan (3.0.6)
    thor (1.2.1)
    thread_safe (0.3.6)
    timeout (0.3.2)
    tzinfo (1.2.11)
      thread_safe (~> 0.1)
    websocket-driver (0.6.5)
      websocket-extensions (>= 0.1.0)
    websocket-extensions (0.1.5)
    will_paginate (3.1.6)

PLATFORMS
  ruby

DEPENDENCIES
  bcrypt (~> 3.1.7)
  byebug
  dotenv-rails
  jwt
  listen (>= 3.0.5, < 3.2)
  loofah (<= 2.2.3)
  nokogiri (~> 1.8.2)
  pg
  puma (~> 3.7)
  pundit
  rails (~> 5.1.6)
  rails-html-sanitizer (~> 1.0.4)
  simple_command
  spring
  spring-watcher-listen (~> 2.0.0)
  tzinfo-data
  will_paginate (~> 3.1.0)

RUBY VERSION
   ruby 2.5.1p57

BUNDLED WITH
   1.17.3
